GEM
  remote: https://rubygems.org/
  specs:
    faraday (0.13.1)
      multipart-post (>= 1.2, < 3)
    multipart-post (2.0.0)
    rake (12.3.1)

PLATFORMS
  ruby

DEPENDENCIES
  faraday
  rake

BUNDLED WITH
   1.13.5
